GEM
  remote: https://rubygems.org/
  specs:
    net-sftp (2.1.2)
      net-ssh (>= 2.6.5)
    net-ssh (3.0.2)
    sequel (4.30.0)
    sqlite3 (1.3.11)

PLATFORMS
  ruby

DEPENDENCIES
  net-sftp (~> 2.1, >= 2.1.2)
  sequel (~> 4.30)
  sqlite3 (~> 1.3, >= 1.3.11)

BUNDLED WITH
   1.11.2
